PATH
  remote: .
  specs:
    headown (0.2.0)

GEM
  remote: https://rubygems.org/
  specs:
    commonmarker (0.21.0)
      ruby-enum (~> 0.5)
    concurrent-ruby (1.1.7)
    diff-lcs (1.4.4)
    i18n (1.8.5)
      concurrent-ruby (~> 1.0)
    prettier (0.20.1)
    rake (12.3.3)
    rspec (3.9.0)
      rspec-core (~> 3.9.0)
      rspec-expectations (~> 3.9.0)
      rspec-mocks (~> 3.9.0)
    rspec-core (3.9.2)
      rspec-support (~> 3.9.3)
    rspec-expectations (3.9.2)
      diff-lcs (>= 1.2.0, < 2.0)
      rspec-support (~> 3.9.0)
    rspec-mocks (3.9.1)
      diff-lcs (>= 1.2.0, < 2.0)
      rspec-support (~> 3.9.0)
    rspec-support (3.9.3)
    ruby-enum (0.8.0)
      i18n
    thor (1.0.1)

PLATFORMS
  ruby

DEPENDENCIES
  commonmarker
  headown!
  prettier
  rake (~> 12.0)
  rspec (~> 3.0)
  thor

BUNDLED WITH
   2.1.2
