PATH
  remote: .
  specs:
    headown (0.2.0)

GEM
  remote: https://rubygems.org/
  specs:
    commonmarker (0.23.6)
    diff-lcs (1.5.0)
    haml (6.0.7)
      temple (>= 0.8.2)
      thor
      tilt
    prettier (3.2.2)
      syntax_tree (>= 2.7.1)
      syntax_tree-haml (>= 1.1.0)
      syntax_tree-rbs (>= 0.2.0)
    prettier_print (0.1.0)
    rake (12.3.3)
    rbs (2.7.0)
    rspec (3.11.0)
      rspec-core (~> 3.11.0)
      rspec-expectations (~> 3.11.0)
      rspec-mocks (~> 3.11.0)
    rspec-core (3.11.0)
      rspec-support (~> 3.11.0)
    rspec-expectations (3.11.1)
      diff-lcs (>= 1.2.0, < 2.0)
      rspec-support (~> 3.11.0)
    rspec-mocks (3.11.1)
      diff-lcs (>= 1.2.0, < 2.0)
      rspec-support (~> 3.11.0)
    rspec-support (3.11.1)
    syntax_tree (3.6.3)
      prettier_print
    syntax_tree-haml (1.3.2)
      haml (>= 5.2)
      prettier_print
      syntax_tree (>= 2.0.1)
    syntax_tree-rbs (0.5.1)
      prettier_print
      rbs
      syntax_tree (>= 2.0.1)
    temple (0.8.2)
    thor (1.2.1)
    tilt (2.0.11)

PLATFORMS
  ruby

DEPENDENCIES
  commonmarker
  headown!
  prettier
  rake (~> 12.0)
  rspec (~> 3.0)
  thor

BUNDLED WITH
   2.3.10
